GEM
  remote: https://rubygems.org/
  specs:
    addressable (2.5.0)
      public_suffix (~> 2.0, >= 2.0.2)
    archive-zip (0.7.0)
      io-like (~> 0.3.0)
    browserstack-local (1.3.0)
    browserstack-webdriver (2.40.1)
      childprocess (~> 0.5, >= 0.5.0)
      multi_json (~> 1.0)
      net-http-persistent (~> 2.9, >= 2.9.1)
      rubyzip (~> 1.0)
      websocket (~> 1.0, >= 1.0.4)
    builder (3.2.3)
    capybara (2.13.0)
      addressable
      mime-types (>= 1.16)
      nokogiri (>= 1.3.3)
      rack (>= 1.0.0)
      rack-test (>= 0.5.4)
      xpath (~> 2.0)
    capybara-screenshot (1.0.14)
      capybara (>= 1.0, < 3)
      launchy
    capybara-user_agent (0.0.3)
      capybara (~> 2.0, >= 2.0.2)
    childprocess (0.6.2)
      ffi (~> 1.0, >= 1.0.11)
    chromedriver-helper (1.1.0)
      archive-zip (~> 0.7.0)
      nokogiri (~> 1.6)
    ci_reporter (2.0.0)
      builder (>= 2.1.2)
    ci_reporter_spinach (1.0.0)
      ci_reporter (~> 2.0)
      spinach (~> 0.8.7)
    coderay (1.1.1)
    colorize (0.8.1)
    data_magic (1.0)
      faker (>= 1.1.2)
      yml_reader (>= 0.6)
    diff-lcs (1.3)
    faker (1.7.3)
      i18n (~> 0.5)
    faraday (0.11.0)
      multipart-post (>= 1.2, < 3)
    ffi (1.9.18)
    gherkin (4.1.1)
    gherkin-ruby (0.3.2)
    headless (2.3.1)
    i18n (0.8.1)
    io-like (0.3.0)
    json (2.0.3)
    launchy (2.4.3)
      addressable (~> 2.3)
    method_source (0.8.2)
    mime-types (3.1)
      mime-types-data (~> 3.2015)
    mime-types-data (3.2016.0521)
    mini_portile2 (2.1.0)
    multi_json (1.12.1)
    multipart-post (2.0.0)
    net-http-persistent (2.9.4)
    nokogiri (1.7.1)
      mini_portile2 (~> 2.1.0)
    page-object (2.0.0)
      net-http-persistent (~> 2.9.4)
      page_navigation (>= 0.9)
      selenium-webdriver (~> 3.0)
      watir (~> 6.0)
    page_navigation (0.10)
      data_magic (>= 0.22)
    parallel (1.11.1)
    parallel_tests (2.14.0)
      parallel
    pry (0.10.4)
      coderay (~> 1.1.0)
      method_source (~> 0.8.1)
      slop (~> 3.4)
    public_suffix (2.0.5)
    rack (2.0.1)
    rack-test (0.6.3)
      rack (>= 1.0)
    rake (12.0.0)
    rspec (3.5.0)
      rspec-core (~> 3.5.0)
      rspec-expectations (~> 3.5.0)
      rspec-mocks (~> 3.5.0)
    rspec-core (3.5.4)
      rspec-support (~> 3.5.0)
    rspec-expectations (3.5.0)
      diff-lcs (>= 1.2.0, < 2.0)
      rspec-support (~> 3.5.0)
    rspec-mocks (3.5.0)
      diff-lcs (>= 1.2.0, < 2.0)
      rspec-support (~> 3.5.0)
    rspec-support (3.5.0)
    rubyzip (1.2.1)
    selenium-webdriver (3.3.0)
      childprocess (~> 0.5)
      rubyzip (~> 1.0)
      websocket (~> 1.0)
    slop (3.6.0)
    spinach (0.8.10)
      colorize
      gherkin-ruby (>= 0.3.2)
      json
    spinach-console-reporter (0.0.2)
      spinach
    spinach-rerun-reporter (0.0.2)
      spinach (~> 0.8)
    stripe (2.1.0)
      faraday (~> 0)
    timecop (0.8.1)
    watir (6.2.0)
      selenium-webdriver (~> 3.0)
    websocket (1.2.4)
    xpath (2.0.0)
      nokogiri (~> 1.3)
    yml_reader (0.7)

PLATFORMS
  ruby

DEPENDENCIES
  browserstack-local
  browserstack-webdriver
  capybara
  capybara-screenshot
  capybara-user_agent
  chromedriver-helper
  ci_reporter
  ci_reporter_spinach
  faker
  gherkin
  headless
  launchy
  page-object
  parallel_tests
  pry
  rake
  rspec
  selenium-webdriver
  spinach
  spinach-console-reporter
  spinach-rerun-reporter
  stripe
  timecop

BUNDLED WITH
   1.14.6
